GEM
  remote: http://rubygems.org/
  specs:
    crack (0.1.8)
    diff-lcs (1.1.2)
    git (1.2.5)
    httparty (0.6.1)
      crack (= 0.1.8)
    i18n (0.6.0)
    jeweler (1.6.3)
      bundler (~> 1.0)
      git (>= 1.2.5)
      rake
    money (3.7.1)
      i18n (~> 0.4)
    rake (0.8.7)
    rcov (0.9.9)
    rspec (2.6.0)
      rspec-core (~> 2.6.0)
      rspec-expectations (~> 2.6.0)
      rspec-mocks (~> 2.6.0)
    rspec-core (2.6.2)
    rspec-expectations (2.6.0)
      diff-lcs (~> 1.1.2)
    rspec-mocks (2.6.0)

PLATFORMS
  ruby

DEPENDENCIES
  bundler (~> 1.0.0)
  httparty
  jeweler (~> 1.6.3)
  money
  rcov
  rspec
